GEM
  remote: http://rubygems.org/
  specs:
    algoliasearch (1.2.14)
      httpclient (~> 2.4)
      json (>= 1.5.1)
    countries (0.9.3)
      currencies (~> 0.4.2)
    currencies (0.4.2)
    httpclient (2.5.3.3)
    json (1.8.1)

PLATFORMS
  ruby

DEPENDENCIES
  algoliasearch
  countries
